PATH
  remote: .
  specs:
    mdp (0.1)

GEM
  remote: http://rubygems.org/
  specs:
    rake (0.9.2.2)
    rake-compiler (0.8.1)
      rake

PLATFORMS
  ruby

DEPENDENCIES
  mdp!
  rake
  rake-compiler (~> 0.8.0)
